GEM
  remote: https://rubygems.org/
  specs:
    colorize (0.5.8)
    trollop (2.0)

PLATFORMS
  ruby

DEPENDENCIES
  colorize
  trollop
